PATH
  remote: .
  specs:
    theusual (0.0.4)

GEM
  remote: https://rubygems.org/
  specs:
    minitest (5.10.1)
    rake (10.4.2)

PLATFORMS
  ruby

DEPENDENCIES
  minitest (~> 5)
  rake (~> 10)
  theusual!

BUNDLED WITH
   1.14.3
