PATH
  remote: .
  specs:
    theusual (0.1.1)

GEM
  remote: https://rubygems.org/
  specs:
    byebug (11.1.3)
    minitest (5.14.0)
    rake (13.0.1)

PLATFORMS
  ruby

DEPENDENCIES
  byebug
  minitest
  rake
  theusual!

BUNDLED WITH
   1.17.2
