PATH
  remote: .
  specs:
    theusual (0.1.1)

GEM
  remote: https://rubygems.org/
  specs:
    byebug (9.1.0)
    minitest (5.14.0)
    rake (10.5.0)

PLATFORMS
  ruby

DEPENDENCIES
  byebug (~> 9)
  minitest (~> 5)
  rake (~> 10)
  theusual!

BUNDLED WITH
   1.17.2
